GEM
  remote: https://rubygems.org/
  specs:
    functional-yahtzee (0.0.3)

PLATFORMS
  ruby

DEPENDENCIES
  functional-yahtzee
